GIT
  remote: https://github.com/AlexMunro/advent_of_code_cli
  revision: 20273094d61fa58d44bfa40d91c17cd55cd06a53
  specs:
    advent_of_code_cli (0.3.4)
      httparty
      nokogiri
      thor

GEM
  remote: https://rubygems.org/
  specs:
    ast (2.4.2)
    debug (1.5.0)
      irb (>= 1.3.6)
      reline (>= 0.2.7)
    diff-lcs (1.5.0)
    httparty (0.20.0)
      mime-types (~> 3.0)
      multi_xml (>= 0.5.2)
    io-console (0.5.11)
    irb (1.4.1)
      reline (>= 0.3.0)
    language_server-protocol (3.17.0.3)
    matrix (0.4.2)
    mime-types (3.4.1)
      mime-types-data (~> 3.2015)
    mime-types-data (3.2022.0105)
    multi_xml (0.6.0)
    nokogiri (1.13.4-x86_64-darwin)
      racc (~> 1.4)
    nokogiri (1.13.4-x86_64-linux)
      racc (~> 1.4)
    parallel (1.22.1)
    parser (3.1.2.0)
      ast (~> 2.4.1)
    prism (0.18.0)
    racc (1.6.0)
    rainbow (3.1.1)
    rbtree (0.4.5)
    regexp_parser (2.3.1)
    reline (0.3.1)
      io-console (~> 0.5)
    rexml (3.2.5)
    rspec (3.11.0)
      rspec-core (~> 3.11.0)
      rspec-expectations (~> 3.11.0)
      rspec-mocks (~> 3.11.0)
    rspec-core (3.11.0)
      rspec-support (~> 3.11.0)
    rspec-expectations (3.11.0)
      diff-lcs (>= 1.2.0, < 2.0)
      rspec-support (~> 3.11.0)
    rspec-mocks (3.11.1)
      diff-lcs (>= 1.2.0, < 2.0)
      rspec-support (~> 3.11.0)
    rspec-support (3.11.0)
    rubocop (1.28.2)
      parallel (~> 1.10)
      parser (>= 3.1.0.0)
      rainbow (>= 2.2.2, < 4.0)
      regexp_parser (>= 1.8, < 3.0)
      rexml
      rubocop-ast (>= 1.17.0, < 2.0)
      ruby-progressbar (~> 1.7)
      unicode-display_width (>= 1.4.0, < 3.0)
    rubocop-ast (1.17.0)
      parser (>= 3.1.1.0)
    rubocop-rspec (2.10.0)
      rubocop (~> 1.19)
    ruby-lsp (0.13.0)
      language_server-protocol (~> 3.17.0)
      prism (>= 0.18.0, < 0.19)
      sorbet-runtime (>= 0.5.5685)
    ruby-progressbar (1.11.0)
    sorbet-runtime (0.5.11144)
    thor (1.2.1)
    unicode-display_width (2.1.0)

PLATFORMS
  x86_64-darwin-20
  x86_64-linux

DEPENDENCIES
  advent_of_code_cli (= 0.3.4)!
  debug
  matrix
  rbtree
  rspec
  rubocop
  rubocop-rspec
  ruby-lsp

BUNDLED WITH
   2.3.12
